GIT
  remote: git://github.com/spesnova/capistrano-coreos.git
  revision: 8f4ec63861ac43c4308ead9a06a3af75b0caf73e
  specs:
    capistrano-coreos (0.0.1)
      capistrano (~> 3.3.5)

GEM
  remote: https://rubygems.org/
  specs:
    capistrano (3.3.5)
      capistrano-stats (~> 1.1.0)
      i18n
      rake (>= 10.0.0)
      sshkit (~> 1.3)
    capistrano-stats (1.1.1)
    colorize (0.7.5)
    i18n (0.7.0)
    net-scp (1.2.1)
      net-ssh (>= 2.6.5)
    net-ssh (2.9.2)
    rake (10.4.2)
    sshkit (1.6.1)
      colorize (>= 0.7.0)
      net-scp (>= 1.1.2)
      net-ssh (>= 2.8.0)

PLATFORMS
  ruby

DEPENDENCIES
  capistrano (= 3.3.5)
  capistrano-coreos!
